GEM
  remote: https://rubygems.org/
  specs:
    httparty (0.13.3)
      json (~> 1.8)
      multi_xml (>= 0.5.2)
    json (1.8.1)
    multi_xml (0.5.5)
    rack (1.5.2)
    rack-protection (1.5.3)
      rack
    sinatra (1.4.5)
      rack (~> 1.4)
      rack-protection (~> 1.4)
      tilt (~> 1.3, >= 1.3.4)
    tilt (1.4.1)
    tinder_pyro (0.0.1)
      httparty (~> 0.3)
      json (~> 1.6)

PLATFORMS
  ruby

DEPENDENCIES
  sinatra
  tinder_pyro (~> 0.0.1)
